PATH
  remote: .
  specs:
    excon-relative_timing (1.0.0)
      addressable (~> 2.3)
      excon (>= 0.52.0)

GEM
  remote: http://rubygems.org/
  specs:
    addressable (2.5.2)
      public_suffix (>= 2.0.2, < 4.0)
    coderay (1.1.2)
    diff-lcs (1.3)
    docile (1.3.1)
    excon (0.62.0)
    json (2.1.0)
    method_source (0.8.2)
    pry (0.10.4)
      coderay (~> 1.1.0)
      method_source (~> 0.8.1)
      slop (~> 3.4)
    pry-nav (0.2.4)
      pry (>= 0.9.10, < 0.11.0)
    public_suffix (3.0.3)
    rspec (3.8.0)
      rspec-core (~> 3.8.0)
      rspec-expectations (~> 3.8.0)
      rspec-mocks (~> 3.8.0)
    rspec-collection_matchers (1.1.3)
      rspec-expectations (>= 2.99.0.beta1)
    rspec-core (3.8.0)
      rspec-support (~> 3.8.0)
    rspec-expectations (3.8.2)
      diff-lcs (>= 1.2.0, < 2.0)
      rspec-support (~> 3.8.0)
    rspec-mocks (3.8.0)
      diff-lcs (>= 1.2.0, < 2.0)
      rspec-support (~> 3.8.0)
    rspec-support (3.8.0)
    simplecov (0.16.1)
      docile (~> 1.1)
      json (>= 1.8, < 3)
      simplecov-html (~> 0.10.0)
    simplecov-html (0.10.2)
    slop (3.6.0)
    statsd-ruby (1.4.0)

PLATFORMS
  ruby

DEPENDENCIES
  bundler (~> 1.8)
  excon-relative_timing!
  pry (~> 0.10)
  pry-nav (~> 0.2)
  rspec (~> 3.7)
  rspec-collection_matchers (~> 1.1)
  simplecov (~> 0.16)
  statsd-ruby (~> 1.4.0)

BUNDLED WITH
   1.16.2
